PATH
  remote: .
  specs:
    celluloid-zmq-zap (0.0.1)
      celluloid-zmq (>= 0.15)

GEM
  remote: https://rubygems.org/
  specs:
    celluloid (0.15.2)
      timers (~> 1.1.0)
    celluloid-zmq (0.15.0)
      celluloid (>= 0.13.0)
      ffi
      ffi-rzmq
    coderay (1.1.0)
    ffi (1.9.3)
    ffi-rzmq (2.0.1)
      ffi-rzmq-core (>= 1.0.1)
    ffi-rzmq-core (1.0.2)
      ffi (~> 1.9)
    method_source (0.8.2)
    pry (0.9.12.6)
      coderay (~> 1.0)
      method_source (~> 0.8)
      slop (~> 3.4)
    rbnacl (2.0.0)
      ffi
    slop (3.4.7)
    timers (1.1.0)

PLATFORMS
  ruby

DEPENDENCIES
  bundler (>= 1.5)
  celluloid-zmq-zap!
  pry
  rbnacl
